STORAGE: NONE
RESTRICTION: || (== netcoreapp3.1) (== netstandard2.0) (== netstandard2.1)
NUGET
  remote: https://api.nuget.org/v3/index.json
    Dapper.StrongName (2.0.30) - restriction: || (== netcoreapp3.1) (&& (== netstandard2.0) (>= netcoreapp3.1)) (&& (== netstandard2.1) (>= netcoreapp3.1))
      System.Reflection.Emit.Lightweight (>= 4.6)
    Microsoft.Extensions.DependencyInjection (3.1.2) - restriction: || (== netcoreapp3.1) (&& (== netstandard2.0) (>= netcoreapp3.1)) (&& (== netstandard2.1) (>= netcoreapp3.1))
      Microsoft.Extensions.DependencyInjection.Abstractions (>= 3.1.2)
    Microsoft.Extensions.DependencyInjection.Abstractions (3.1.2) - restriction: || (== netcoreapp3.1) (&& (== netstandard2.0) (>= netcoreapp3.1)) (&& (== netstandard2.1) (>= netcoreapp3.1))
    Microsoft.Extensions.Logging.Abstractions (3.1.2) - restriction: || (== netcoreapp3.1) (&& (== netstandard2.0) (>= netcoreapp3.1)) (&& (== netstandard2.1) (>= netcoreapp3.1))
    Newtonsoft.Json (12.0.3) - restriction: || (== netcoreapp3.1) (&& (== netstandard2.0) (>= netcoreapp3.1)) (&& (== netstandard2.1) (>= netcoreapp3.1))
    System.Collections.Immutable (1.7) - restriction: || (== netcoreapp3.1) (&& (== netstandard2.0) (>= netcoreapp3.1)) (&& (== netstandard2.1) (>= netcoreapp3.1))
    System.Reflection.Emit.Lightweight (4.7) - restriction: || (== netcoreapp3.1) (&& (== netstandard2.0) (>= netcoreapp3.1)) (&& (== netstandard2.1) (>= netcoreapp3.1))
    YesSql.Abstractions (2.0.0-beta-1460) - restriction: || (== netcoreapp3.1) (&& (== netstandard2.0) (>= netcoreapp3.1)) (&& (== netstandard2.1) (>= netcoreapp3.1))
      Microsoft.Extensions.Logging.Abstractions (>= 2.2)
    YesSql.Core (2.0.0-beta-1460) - restriction: || (== netcoreapp3.1) (&& (== netstandard2.0) (>= netcoreapp3.1)) (&& (== netstandard2.1) (>= netcoreapp3.1))
      Dapper.StrongName (>= 2.0.30)
      Microsoft.Extensions.DependencyInjection (>= 3.0)
      Newtonsoft.Json (>= 12.0.2)
      System.Collections.Immutable (>= 1.6)
      YesSql.Abstractions (>= 2.0.0-beta-1460)
  remote: https://www.myget.org/F/orchardcore-preview/api/v3/index.json
    OrchardCore.Abstractions (1.0.0-rc1-12158) - restriction: || (== netcoreapp3.1) (&& (== netstandard2.0) (>= netcoreapp3.1)) (&& (== netstandard2.1) (>= netcoreapp3.1))
      Newtonsoft.Json (>= 12.0.3) - restriction: || (== netcoreapp3.1) (&& (== netstandard2.0) (>= netcoreapp3.1)) (&& (== netstandard2.1) (>= netcoreapp3.1))
    OrchardCore.ContentManagement (1.0.0-rc1-12158)
      OrchardCore.ContentManagement.Abstractions (>= 1.0.0-rc1-12158) - restriction: || (== netcoreapp3.1) (&& (== netstandard2.0) (>= netcoreapp3.1)) (&& (== netstandard2.1) (>= netcoreapp3.1))
      OrchardCore.Data.Abstractions (>= 1.0.0-rc1-12158) - restriction: || (== netcoreapp3.1) (&& (== netstandard2.0) (>= netcoreapp3.1)) (&& (== netstandard2.1) (>= netcoreapp3.1))
      OrchardCore.Infrastructure.Abstractions (>= 1.0.0-rc1-12158) - restriction: || (== netcoreapp3.1) (&& (== netstandard2.0) (>= netcoreapp3.1)) (&& (== netstandard2.1) (>= netcoreapp3.1))
      OrchardCore.Recipes.Abstractions (>= 1.0.0-rc1-12158) - restriction: || (== netcoreapp3.1) (&& (== netstandard2.0) (>= netcoreapp3.1)) (&& (== netstandard2.1) (>= netcoreapp3.1))
    OrchardCore.ContentManagement.Abstractions (1.0.0-rc1-12158)
      Newtonsoft.Json (>= 12.0.3) - restriction: || (== netcoreapp3.1) (&& (== netstandard2.0) (>= netcoreapp3.1)) (&& (== netstandard2.1) (>= netcoreapp3.1))
    OrchardCore.Data.Abstractions (1.0.0-rc1-12158) - restriction: || (== netcoreapp3.1) (&& (== netstandard2.0) (>= netcoreapp3.1)) (&& (== netstandard2.1) (>= netcoreapp3.1))
      YesSql.Core (>= 2.0.0-beta-1460) - restriction: || (== netcoreapp3.1) (&& (== netstandard2.0) (>= netcoreapp3.1)) (&& (== netstandard2.1) (>= netcoreapp3.1))
    OrchardCore.Infrastructure.Abstractions (1.0.0-rc1-12158) - restriction: || (== netcoreapp3.1) (&& (== netstandard2.0) (>= netcoreapp3.1)) (&& (== netstandard2.1) (>= netcoreapp3.1))
      OrchardCore.Abstractions (>= 1.0.0-rc1-12158) - restriction: || (== netcoreapp3.1) (&& (== netstandard2.0) (>= netcoreapp3.1)) (&& (== netstandard2.1) (>= netcoreapp3.1))
    OrchardCore.Module.Targets (1.0.0-rc1-12158)
      OrchardCore.Abstractions (>= 1.0.0-rc1-12158) - restriction: || (== netcoreapp3.1) (&& (== netstandard2.0) (>= netcoreapp3.1)) (&& (== netstandard2.1) (>= netcoreapp3.1))
    OrchardCore.Recipes.Abstractions (1.0.0-rc1-12158) - restriction: || (== netcoreapp3.1) (&& (== netstandard2.0) (>= netcoreapp3.1)) (&& (== netstandard2.1) (>= netcoreapp3.1))
      OrchardCore.Data.Abstractions (>= 1.0.0-rc1-12158) - restriction: || (== netcoreapp3.1) (&& (== netstandard2.0) (>= netcoreapp3.1)) (&& (== netstandard2.1) (>= netcoreapp3.1))
